GEM
  remote: https://rubygems.org/
  remote: https://rails-assets.org/
  specs:
    CFPropertyList (2.3.1)
    actionmailer (3.2.22)
      actionpack (= 3.2.22)
      mail (~> 2.5.4)
    actionpack (3.2.22)
      activemodel (= 3.2.22)
      activesupport (= 3.2.22)
      builder (~> 3.0.0)
      erubis (~> 2.7.0)
      journey (~> 1.0.4)
      rack (~> 1.4.5)
      rack-cache (~> 1.2)
      rack-test (~> 0.6.1)
      sprockets (~> 2.2.1)
    activemodel (3.2.22)
      activesupport (= 3.2.22)
      builder (~> 3.0.0)
    activerecord (3.2.22)
      activemodel (= 3.2.22)
      activesupport (= 3.2.22)
      arel (~> 3.0.2)
      tzinfo (~> 0.3.29)
    activeresource (3.2.22)
      activemodel (= 3.2.22)
      activesupport (= 3.2.22)
    activesupport (3.2.22)
      i18n (~> 0.6, >= 0.6.4)
      multi_json (~> 1.0)
    acts-as-taggable-on (3.5.0)
      activerecord (>= 3.2, < 5)
    acts_as_commentable (2.0.1)
    acts_as_follower (0.1.1)
    addressable (2.3.8)
    analyst (1.2.0)
      haml
      parser
      thor
    annotate (2.6.8)
      activerecord (>= 3.2, <= 4.3)
      rake (~> 10.4)
    ansi (1.5.0)
    arel (3.0.3)
    ast (2.0.0)
    astrolabe (1.3.0)
      parser (>= 2.2.0.pre.3, < 3.0)
    autoprefixer-rails (5.2.1)
      execjs
      json
    awesome_print (1.6.1)
    better_errors (2.1.1)
      coderay (>= 1.0.0)
      erubis (>= 2.6.6)
      rack (>= 0.9.0)
    binding_of_caller (0.7.2)
      debug_inspector (>= 0.0.1)
    blankslate (3.1.3)
    buftok (0.2.0)
    bugsnag (2.8.6)
      multi_json (~> 1.0)
    builder (3.0.4)
    byebug (2.7.0)
      columnize (~> 0.3)
      debugger-linecache (~> 1.2)
    capybara (2.4.4)
      mime-types (>= 1.16)
      nokogiri (>= 1.3.3)
      rack (>= 1.0.0)
      rack-test (>= 0.5.4)
      xpath (~> 2.0)
    capybara-screenshot (1.0.9)
      capybara (>= 1.0, < 3)
      launchy
    carrierwave (0.10.0)
      activemodel (>= 3.2.0)
      activesupport (>= 3.2.0)
      json (>= 1.7)
      mime-types (>= 1.16)
    carrierwave_backgrounder (0.4.1)
      carrierwave (~> 0.5)
    celluloid (0.16.0)
      timers (~> 4.0.0)
    childprocess (0.5.6)
      ffi (~> 1.0, >= 1.0.11)
    choice (0.1.7)
    chronic (0.10.2)
    chunky_png (1.3.4)
    cliver (0.3.2)
    clockwork (1.2.0)
      activesupport
      tzinfo
    closure_tree (5.2.0)
      activerecord (>= 3.2.0)
      with_advisory_lock (>= 3.0.0)
    codeclimate-test-reporter (0.4.7)
      simplecov (>= 0.7.1, < 1.0.0)
    coderay (1.1.0)
    coffee-rails (3.2.2)
      coffee-script (>= 2.2.0)
      railties (~> 3.2.0)
    coffee-script (2.4.1)
      coffee-script-source
      execjs
    coffee-script-source (1.9.1.1)
    columnize (0.9.0)
    compass (1.0.3)
      chunky_png (~> 1.2)
      compass-core (~> 1.0.2)
      compass-import-once (~> 1.0.5)
      rb-fsevent (>= 0.9.3)
      rb-inotify (>= 0.9)
      sass (>= 3.3.13, < 3.5)
    compass-core (1.0.3)
      multi_json (~> 1.0)
      sass (>= 3.3.0, < 3.5)
    compass-import-once (1.0.5)
      sass (>= 3.2, < 3.5)
    compass-rails (2.0.4)
      compass (~> 1.0.0)
      sass-rails (<= 5.0.1)
      sprockets (< 2.13)
    connection_pool (2.2.0)
    cookiejar (0.3.2)
    crack (0.4.2)
      safe_yaml (~> 1.0.0)
    crass (1.0.2)
    curb (0.8.8)
    dante (0.2.0)
    database_cleaner (1.4.1)
    debug_inspector (0.0.2)
    debugger-linecache (1.2.0)
    descendants_tracker (0.0.4)
      thread_safe (~> 0.3, >= 0.3.1)
    diff-lcs (1.2.5)
    docile (1.1.5)
    domain_name (0.5.24)
      unf (>= 0.0.5, < 1.0.0)
    dotenv (2.0.1)
    dotenv-rails (2.0.1)
      dotenv (= 2.0.1)
    elasticsearch (1.0.8)
      elasticsearch-api (= 1.0.7)
      elasticsearch-transport (= 1.0.7)
    elasticsearch-api (1.0.7)
      multi_json
    elasticsearch-model (0.1.7)
      activesupport (> 3)
      elasticsearch (> 0.4)
      hashie
    elasticsearch-rails (0.1.7)
    elasticsearch-transport (1.0.7)
      faraday
      multi_json
    em-http-request (1.1.2)
      addressable (>= 2.3.4)
      cookiejar
      em-socksify (>= 0.3)
      eventmachine (>= 1.0.3)
      http_parser.rb (>= 0.6.0)
    em-socksify (0.3.0)
      eventmachine (>= 1.0.0.beta.4)
    equalizer (0.0.11)
    erubis (2.7.0)
    escape (0.0.4)
    eventmachine (1.0.7)
    excon (0.45.3)
    execjs (2.5.2)
    fabrication (2.11.3)
    fabrication-rails (0.0.1)
      fabrication
      railties (>= 3.0)
    faraday (0.8.9)
      multipart-post (~> 1.2.0)
    feedjira (1.6.0)
      curb (~> 0.8)
      loofah (~> 2.0)
      sax-machine (~> 1.0)
    ffaker (2.0.0)
    ffi (1.9.8)
    fission (0.5.0)
      CFPropertyList (~> 2.2)
    flog (4.3.2)
      ruby_parser (~> 3.1, > 3.1.0)
      sexp_processor (~> 4.4)
    fog (1.29.0)
      fog-atmos
      fog-aws (~> 0.0)
      fog-brightbox (~> 0.4)
      fog-core (~> 1.27, >= 1.27.4)
      fog-ecloud
      fog-json
      fog-local
      fog-powerdns (>= 0.1.1)
      fog-profitbricks
      fog-radosgw (>= 0.0.2)
      fog-riakcs
      fog-sakuracloud (>= 0.0.4)
      fog-serverlove
      fog-softlayer
      fog-storm_on_demand
      fog-terremark
      fog-vmfusion
      fog-voxel
      fog-xml (~> 0.1.1)
      ipaddress (~> 0.5)
      nokogiri (~> 1.5, >= 1.5.11)
    fog-atmos (0.1.0)
      fog-core
      fog-xml
    fog-aws (0.1.2)
      fog-core (~> 1.27)
      fog-json (~> 1.0)
      fog-xml (~> 0.1)
      ipaddress (~> 0.8)
    fog-brightbox (0.7.1)
      fog-core (~> 1.22)
      fog-json
      inflecto (~> 0.0.2)
    fog-core (1.30.0)
      builder
      excon (~> 0.45)
      formatador (~> 0.2)
      mime-types
      net-scp (~> 1.1)
      net-ssh (>= 2.1.3)
    fog-ecloud (0.1.1)
      fog-core
      fog-xml
    fog-json (1.0.1)
      fog-core (~> 1.0)
      multi_json (~> 1.0)
    fog-local (0.2.1)
      fog-core (~> 1.27)
    fog-powerdns (0.1.1)
      fog-core (~> 1.27)
      fog-json (~> 1.0)
      fog-xml (~> 0.1)
    fog-profitbricks (0.0.2)
      fog-core
      fog-xml
      nokogiri
    fog-radosgw (0.0.4)
      fog-core (>= 1.21.0)
      fog-json
      fog-xml (>= 0.0.1)
    fog-riakcs (0.1.0)
      fog-core
      fog-json
      fog-xml
    fog-sakuracloud (1.0.1)
      fog-core
      fog-json
    fog-serverlove (0.1.2)
      fog-core
      fog-json
    fog-softlayer (0.4.5)
      fog-core
      fog-json
    fog-storm_on_demand (0.1.1)
      fog-core
      fog-json
    fog-terremark (0.1.0)
      fog-core
      fog-xml
    fog-vmfusion (0.1.0)
      fission
      fog-core
    fog-voxel (0.1.0)
      fog-core
      fog-xml
    fog-xml (0.1.2)
      fog-core
      nokogiri (~> 1.5, >= 1.5.11)
    foreman (0.78.0)
      thor (~> 0.19.1)
    formatador (0.2.5)
    friendly_id (4.0.10.1)
      activerecord (>= 3.0, < 4.0)
    fukuzatsu (2.3.1)
      analyst (>= 0.16.0)
      haml
      parser
      rainbow
      rouge
      terminal-table
      thor
    fuubar (2.0.0)
      rspec (~> 3.0)
      ruby-progressbar (~> 1.4)
    geocoder (1.2.8)
    github-markdown (0.6.8)
    grackle (0.3.0)
      json
      mime-types
      oauth
    guard (2.12.5)
      formatador (>= 0.2.4)
      listen (~> 2.7)
      lumberjack (~> 1.0)
      nenv (~> 0.1)
      notiffany (~> 0.0)
      pry (>= 0.9.12)
      shellany (~> 0.0)
      thor (>= 0.18.1)
    guard-compat (1.2.1)
    guard-rspec (4.5.0)
      guard (~> 2.1)
      guard-compat (~> 1.1)
      rspec (>= 2.99.0, < 4.0)
    haml (4.0.6)
      tilt
    hashie (2.1.2)
    hashr (0.0.22)
    heroku-deflater (0.5.3)
      rack (>= 1.4.5)
    hike (1.2.3)
    hitimes (1.2.2)
    http (0.5.1)
      http_parser.rb
    http-cookie (1.0.2)
      domain_name (~> 0.5)
    http_parser.rb (0.6.0)
    httpauth (0.2.1)
    i18n (0.7.0)
    inflecto (0.0.2)
    ipaddress (0.8.0)
    jbuilder (2.2.13)
      activesupport (>= 3.0.0, < 5)
      multi_json (~> 1.2)
    jimson-temp (0.9.5)
      blankslate (>= 3.1.2)
      multi_json (~> 1.0)
      rack (~> 1.4)
      rest-client (~> 1.0)
    journey (1.0.4)
    jquery-rails (2.0.3)
      railties (>= 3.1.0, < 5.0)
      thor (~> 0.14)
    json (1.8.3)
    jwt (0.1.13)
      multi_json (>= 1.5)
    kaminari (0.16.3)
      actionpack (>= 3.0.0)
      activesupport (>= 3.0.0)
    kramdown (1.7.0)
    launchy (2.4.3)
      addressable (~> 2.3)
    linkedin (0.4.7)
      hashie (~> 2.0)
      multi_json (~> 1.0)
      oauth (~> 0.4)
    listen (2.10.0)
      celluloid (~> 0.16.0)
      rb-fsevent (>= 0.9.3)
      rb-inotify (>= 0.9)
    local_time (1.0.2)
      coffee-rails
    loofah (2.0.1)
      nokogiri (>= 1.5.9)
    lumberjack (1.0.9)
    mail (2.5.4)
      mime-types (~> 1.16)
      treetop (~> 1.4.8)
    mail_view (2.0.4)
      tilt
    memoizable (0.4.2)
      thread_safe (~> 0.3, >= 0.3.1)
    metamagic (3.1.7)
      rails (>= 3.0.0)
    method_source (0.8.2)
    mime-types (1.25.1)
    mini_magick (4.2.3)
    mini_portile (0.6.2)
    mixpanel (4.1.1)
      escape
      json
      rack
    multi_json (1.11.1)
    multipart-post (1.2.0)
    nenv (0.2.0)
    net-scp (1.2.1)
      net-ssh (>= 2.6.5)
    net-ssh (2.9.2)
    netrc (0.10.3)
    never_wastes (1.0.0)
      activerecord (>= 3.0.0)
      activesupport (>= 3.0.0)
    newrelic_rpm (3.11.2.286)
    nokogiri (1.6.6.2)
      mini_portile (~> 0.6.0)
    nokogumbo (1.4.1)
      nokogiri
    notiffany (0.0.6)
      nenv (~> 0.1)
      shellany (~> 0.0)
    oauth (0.4.7)
    oauth2 (0.8.1)
      faraday (~> 0.8)
      httpauth (~> 0.1)
      jwt (~> 0.1.4)
      multi_json (~> 1.0)
      rack (~> 1.2)
    octokit (3.8.0)
      sawyer (~> 0.6.0, >= 0.5.3)
    oj (2.12.5)
    omniauth (1.1.4)
      hashie (>= 1.2, < 3)
      rack
    omniauth-facebook (1.6.0)
      omniauth-oauth2 (~> 1.1)
    omniauth-github (1.1.2)
      omniauth (~> 1.0)
      omniauth-oauth2 (~> 1.1)
    omniauth-linkedin (0.0.8)
      omniauth-oauth (~> 1.0)
    omniauth-oauth (1.1.0)
      oauth
      omniauth (~> 1.0)
    omniauth-oauth2 (1.1.1)
      oauth2 (~> 0.8.0)
      omniauth (~> 1.0)
    omniauth-twitter (0.0.18)
      multi_json (~> 1.3)
      omniauth-oauth (~> 1.0)
    parser (2.2.2.2)
      ast (>= 1.1, < 3.0)
    pg (0.18.1)
    pg_array_parser (0.0.9)
    poltergeist (1.6.0)
      capybara (~> 2.1)
      cliver (~> 0.3.1)
      multi_json (~> 1.0)
      websocket-driver (>= 0.2.0)
    polyglot (0.3.5)
    postgres_ext (1.0.0)
      activerecord (~> 3.2.0)
      pg_array_parser (~> 0.0.9)
    power_assert (0.2.2)
    powerpack (0.1.0)
    pry (0.9.12.6)
      coderay (~> 1.0)
      method_source (~> 0.8)
      slop (~> 3.4)
    pry-byebug (1.3.2)
      byebug (~> 2.7)
      pry (~> 0.9.12)
    pubnub (0.1.9)
      em-http-request (>= 1.0.2)
      json
    puma (2.11.2)
      rack (>= 1.1, < 2.0)
    quiet_assets (1.1.0)
      railties (>= 3.1, < 5.0)
    rack (1.4.7)
    rack-cache (1.2)
      rack (>= 0.4)
    rack-protection (1.5.3)
      rack
    rack-ssl (1.3.4)
      rack
    rack-test (0.6.3)
      rack (>= 1.0)
    rack_session_access (0.1.1)
      builder (>= 2.0.0)
      rack (>= 1.0.0)
    rails (3.2.22)
      actionmailer (= 3.2.22)
      actionpack (= 3.2.22)
      activerecord (= 3.2.22)
      activeresource (= 3.2.22)
      activesupport (= 3.2.22)
      bundler (~> 1.0)
      railties (= 3.2.22)
    rails-assets-font-awesome (4.3.0)
    rails-assets-jquery (2.1.4)
    rails-assets-jquery-cookie (1.4.0)
      rails-assets-jquery (>= 1.2)
    rails-assets-jquery-dropdown (2.0.0)
      rails-assets-jquery (>= 1.8.0)
    rails-erd (1.3.1)
      activerecord (>= 3.2)
      activesupport (>= 3.2)
      choice (~> 0.1.6)
      ruby-graphviz (~> 1.0.4)
    rails_12factor (0.0.3)
      rails_serve_static_assets
      rails_stdout_logging
    rails_serve_static_assets (0.0.4)
    rails_stdout_logging (0.0.3)
    railties (3.2.22)
      actionpack (= 3.2.22)
      activesupport (= 3.2.22)
      rack-ssl (~> 1.3.2)
      rake (>= 0.8.7)
      rdoc (~> 3.4)
      thor (>= 0.14.6, < 2.0)
    rainbow (2.0.0)
    rake (10.4.2)
    rakismet (1.5.1)
    rb-fsevent (0.9.4)
    rb-inotify (0.9.5)
      ffi (>= 0.5.0)
    rdoc (3.12.2)
      json (~> 1.4)
    redcarpet (3.2.3)
    redis (3.2.1)
    redis-actionpack (3.2.4)
      actionpack (~> 3.2.0)
      redis-rack (~> 1.4.4)
      redis-store (~> 1.1.4)
    redis-activesupport (3.2.4)
      activesupport (~> 3.2.0)
      redis-store (~> 1.1.0)
    redis-namespace (1.5.2)
      redis (~> 3.0, >= 3.0.4)
    redis-rack (1.4.4)
      rack (~> 1.4.0)
      redis-store (~> 1.1.4)
    redis-rails (3.2.4)
      redis-actionpack (~> 3.2.4)
      redis-activesupport (~> 3.2.4)
      redis-store (~> 1.1.4)
    redis-store (1.1.4)
      redis (>= 2.2)
    rest-client (1.8.0)
      http-cookie (>= 1.0.2, < 2.0)
      mime-types (>= 1.16, < 3.0)
      netrc (~> 0.7)
    rouge (1.8.0)
    rspec (3.2.0)
      rspec-core (~> 3.2.0)
      rspec-expectations (~> 3.2.0)
      rspec-mocks (~> 3.2.0)
    rspec-core (3.2.3)
      rspec-support (~> 3.2.0)
    rspec-expectations (3.2.1)
      diff-lcs (>= 1.2.0, < 2.0)
      rspec-support (~> 3.2.0)
    rspec-mocks (3.2.1)
      diff-lcs (>= 1.2.0, < 2.0)
      rspec-support (~> 3.2.0)
    rspec-rails (3.2.3)
      actionpack (>= 3.0, < 4.3)
      activesupport (>= 3.0, < 4.3)
      railties (>= 3.0, < 4.3)
      rspec-core (~> 3.2.0)
      rspec-expectations (~> 3.2.0)
      rspec-mocks (~> 3.2.0)
      rspec-support (~> 3.2.0)
    rspec-support (3.2.2)
    rubocop (0.30.1)
      astrolabe (~> 1.3)
      parser (>= 2.2.2.1, < 3.0)
      powerpack (~> 0.1)
      rainbow (>= 1.99.1, < 3.0)
      ruby-progressbar (~> 1.4)
    ruby-graphviz (1.0.9)
    ruby-progressbar (1.7.5)
    ruby_parser (3.6.6)
      sexp_processor (~> 4.1)
    rubyzip (1.1.7)
    safe_yaml (1.0.4)
    sanitize (4.0.0)
      crass (~> 1.0.2)
      nokogiri (>= 1.4.4)
      nokogumbo (= 1.4.1)
    sass (3.4.15)
    sass-rails (3.2.6)
      railties (~> 3.2.0)
      sass (>= 3.1.10)
      tilt (~> 1.3)
    sawyer (0.6.0)
      addressable (~> 2.3.5)
      faraday (~> 0.8, < 0.10)
    sax-machine (1.3.2)
    selectize-rails (0.12.1)
    selenium-webdriver (2.45.0)
      childprocess (~> 0.5)
      multi_json (~> 1.0)
      rubyzip (~> 1.0)
      websocket (~> 1.0)
    sexp_processor (4.5.1)
    shellany (0.0.1)
    shoulda-matchers (2.8.0)
      activesupport (>= 3.0.0)
    sidekiq (3.3.4)
      celluloid (>= 0.16.0)
      connection_pool (>= 2.1.1)
      json
      redis (>= 3.0.6)
      redis-namespace (>= 1.3.1)
    simple_form (2.1.2)
      actionpack (~> 3.0)
      activemodel (~> 3.0)
    simple_oauth (0.2.0)
    simplecov (0.10.0)
      docile (~> 1.1.0)
      json (~> 1.8)
      simplecov-html (~> 0.10.0)
    simplecov-html (0.10.0)
    sinatra (1.4.6)
      rack (~> 1.4)
      rack-protection (~> 1.4)
      tilt (>= 1.3, < 3)
    sitemap_generator (5.0.5)
      builder
    slim (3.0.3)
      temple (~> 0.7.3)
      tilt (>= 1.3.3, < 2.1)
    slim-rails (3.0.1)
      actionmailer (>= 3.1, < 5.0)
      actionpack (>= 3.1, < 5.0)
      activesupport (>= 3.1, < 5.0)
      railties (>= 3.1, < 5.0)
      slim (~> 3.0)
    slop (3.6.0)
    spring (1.3.5)
    spring-commands-rspec (1.0.4)
      spring (>= 0.9.1)
    sprockets (2.2.3)
      hike (~> 1.2)
      multi_json (~> 1.0)
      rack (~> 1.0)
      tilt (~> 1.1, != 1.3.0)
    stripe (1.21.0)
      json (~> 1.8.1)
      rest-client (~> 1.4)
    stripe-ruby-mock (2.1.0)
      dante (>= 0.2.0)
      jimson-temp
      stripe (>= 1.20.1)
    strong_parameters (0.2.3)
      actionpack (~> 3.0)
      activemodel (~> 3.0)
      activesupport (~> 3.0)
      railties (~> 3.0)
    syntax (1.2.0)
    temple (0.7.5)
    terminal-table (1.4.5)
    test-unit (3.0.8)
      power_assert
    thor (0.19.1)
    thread_safe (0.3.5)
    tilt (1.4.1)
    timecop (0.7.3)
    timers (4.0.1)
      hitimes
    tire (0.6.2)
      activemodel (>= 3.0)
      activesupport
      ansi
      hashr (~> 0.0.19)
      multi_json (~> 1.3)
      rake
      rest-client (~> 1.6)
    treetop (1.4.15)
      polyglot
      polyglot (>= 0.3.1)
    tweet-button (0.1.0)
    twitter (5.5.1)
      addressable (~> 2.3)
      buftok (~> 0.2.0)
      descendants_tracker (~> 0.0.3)
      equalizer (~> 0.0.9)
      faraday (>= 0.8, < 0.10)
      http (~> 0.5.0)
      http_parser.rb (~> 0.6.0)
      json (~> 1.8)
      memoizable (~> 0.4.0)
      simple_oauth (~> 0.2.0)
    tzinfo (0.3.44)
    uglifier (2.7.1)
      execjs (>= 0.3.0)
      json (>= 1.8.0)
    unf (0.1.4)
      unf_ext
    unf_ext (0.0.7.1)
    vcr (2.9.3)
    webmock (1.15.2)
      addressable (>= 2.2.7)
      crack (>= 0.3.2)
    websocket (1.2.2)
    websocket-driver (0.5.4)
      websocket-extensions (>= 0.1.0)
    websocket-extensions (0.1.2)
    with_advisory_lock (3.0.0)
      activerecord (>= 3.2)
      thread_safe
    xpath (2.0.0)
      nokogiri (~> 1.3)

PLATFORMS
  ruby

DEPENDENCIES
  acts-as-taggable-on (~> 3.4)!
  acts_as_commentable (= 2.0.1)!
  acts_as_follower (= 0.1.1)!
  annotate!
  autoprefixer-rails!
  awesome_print!
  better_errors!
  binding_of_caller!
  bugsnag!
  capybara!
  capybara-screenshot!
  carrierwave!
  carrierwave_backgrounder!
  chronic!
  clockwork!
  closure_tree!
  codeclimate-test-reporter!
  coffee-rails!
  compass-rails!
  database_cleaner!
  dotenv-rails!
  elasticsearch-model!
  elasticsearch-rails!
  fabrication (= 2.11.3)!
  fabrication-rails!
  faraday (~> 0.8.1)!
  feedjira!
  ffaker!
  flog!
  fog!
  foreman!
  friendly_id (= 4.0.10.1)!
  fukuzatsu!
  fuubar!
  geocoder!
  github-markdown!
  grackle!
  guard-rspec!
  haml!
  heroku-deflater!
  jbuilder!
  jquery-rails (= 2.0.3)!
  kaminari!
  kramdown!
  launchy!
  linkedin!
  local_time!
  mail_view (~> 2.0.4)!
  metamagic!
  mini_magick!
  mixpanel!
  multi_json!
  never_wastes!
  newrelic_rpm!
  nokogiri!
  octokit!
  oj!
  omniauth (~> 1.1.0)!
  omniauth-facebook!
  omniauth-github!
  omniauth-linkedin (~> 0.0.6)!
  omniauth-twitter (~> 0.0.16)!
  pg!
  poltergeist!
  postgres_ext!
  pry-byebug!
  pubnub (= 0.1.9)!
  puma!
  quiet_assets!
  rack_session_access!
  rails (~> 3.2)!
  rails-assets-font-awesome!
  rails-assets-jquery-cookie (= 1.4.0)!
  rails-assets-jquery-dropdown!
  rails-erd!
  rails_12factor!
  rakismet!
  redcarpet!
  redis-rails (= 3.2.4)!
  rest-client!
  rspec-rails!
  rubocop!
  sanitize!
  sass!
  sass-rails!
  selectize-rails!
  selenium-webdriver!
  shoulda-matchers!
  sidekiq!
  simple_form!
  sinatra!
  sitemap_generator!
  slim-rails!
  spring!
  spring-commands-rspec!
  stripe!
  stripe-ruby-mock!
  strong_parameters!
  syntax!
  test-unit!
  timecop!
  tire!
  tweet-button!
  twitter!
  uglifier!
  vcr!
  webmock (< 1.16)!
